GEM
  remote: https://rubygems.org/
  specs:
    mixlib-shellout (1.3.0)
    rbarman (0.0.16)
      mixlib-shellout (~> 1.3.0)

PLATFORMS
  ruby

DEPENDENCIES
  rbarman

BUNDLED WITH
   1.12.5
