GEM
  remote: https://rubygems.org/
  specs:
    mixlib-shellout (1.1.0)
    rake (10.1.0)
    rbarman (0.0.8)
      bundler (~> 1.3)
      mixlib-shellout (~> 1.1.0)
      rake

PLATFORMS
  ruby

DEPENDENCIES
  rbarman (~> 0.0.8)
